GEM
  remote: https://rubygems.org/
  specs:
    mini_portile2 (2.8.0)
    nokogiri (1.13.3)
      mini_portile2 (~> 2.8.0)
      racc (~> 1.4)
    nokogiri-plist (0.5.0)
      nokogiri
    racc (1.6.0)

PLATFORMS
  ruby

DEPENDENCIES
  nokogiri-plist

BUNDLED WITH
   2.0.2
