GEM
  remote: https://rubygems.org/
  specs:
    mini_portile2 (2.4.0)
    nokogiri (1.10.8)
      mini_portile2 (~> 2.4.0)
    nokogiri-plist (0.5.0)
      nokogiri

PLATFORMS
  ruby

DEPENDENCIES
  nokogiri-plist

BUNDLED WITH
   2.0.2
